GEM
  remote: https://rubygems.org/
  specs:
    addressable (2.3.6)
    autoparse (0.3.3)
      addressable (>= 2.3.1)
      extlib (>= 0.9.15)
      multi_json (>= 1.0.0)
    extlib (0.9.16)
    faraday (0.8.9)
      multipart-post (~> 1.2.0)
    google-api-client (0.5.0)
      addressable (>= 2.3.2)
      autoparse (>= 0.3.2)
      extlib (>= 0.9.15)
      faraday (~> 0.8.1)
      jwt (>= 0.1.5)
      launchy (>= 2.1.1)
      multi_json (>= 1.0.0)
      signet (>= 0.4.1)
      uuidtools (>= 2.1.0)
    icalendar (2.2.0)
    jwt (0.1.5)
      multi_json (>= 1.0)
    launchy (2.4.3)
      addressable (~> 2.3)
    liquid (2.5.0)
    multi_json (1.10.1)
    multipart-post (1.2.0)
    pdfkit (0.6.2)
    safe_yaml (1.0.0)
    signet (0.4.5)
      addressable (>= 2.2.3)
      faraday (~> 0.8.1)
      jwt (>= 0.1.5)
      multi_json (>= 1.0.0)
    uuidtools (2.1.5)

PLATFORMS
  ruby

DEPENDENCIES
  google-api-client (= 0.5.0)
  icalendar (= 2.2.0)
  liquid (= 2.5.0)
  pdfkit (= 0.6.2)
  safe_yaml (= 1.0.0)
