GEM
  remote: https://rubygems.org/
  specs:
    icalendar (1.0)
    liquid (2.5.0)
    pdfkit (0.6.2)
    safe_yaml (1.0.0)

PLATFORMS
  ruby

DEPENDENCIES
  icalendar (= 1.0.0)
  liquid (= 2.5.0)
  pdfkit (= 0.6.2)
  safe_yaml (= 1.0.0)
